GEM
  remote: https://rubygems.org/
  specs:
    addressable (2.5.1)
      public_suffix (~> 2.0, >= 2.0.2)
    backports (3.8.0)
    docile (1.1.5)
    domain_name (0.5.20170404)
      unf (>= 0.0.5, < 1.0.0)
    dotenv (2.2.1)
    erubis (2.7.0)
    graphql (1.5.12)
    http-cookie (1.0.3)
      domain_name (~> 0.5)
    json (2.1.0)
    mail (2.6.5)
      mime-types (>= 1.16, < 4)
    mime-types (3.1)
      mime-types-data (~> 3.2015)
    mime-types-data (3.2016.0521)
    minitest (5.10.1)
    multi_json (1.12.1)
    mustermann (1.0.0)
    netrc (0.11.0)
    pony (1.11)
      mail (>= 2.0)
    public_suffix (2.0.5)
    puma (3.8.2)
    rack (2.0.2)
    rack-protection (2.0.0)
      rack
    rest-client (2.0.2)
      http-cookie (>= 1.0.2, < 2.0)
      mime-types (>= 1.16, < 4.0)
      netrc (~> 0.8)
    simplecov (0.14.1)
      docile (~> 1.1.0)
      json (>= 1.8, < 3)
      simplecov-html (~> 0.10.0)
    simplecov-html (0.10.0)
    sinatra (2.0.0)
      mustermann (~> 1.0)
      rack (~> 2.0)
      rack-protection (= 2.0.0)
      tilt (~> 2.0)
    sinatra-contrib (2.0.0)
      backports (>= 2.0)
      multi_json
      mustermann (~> 1.0)
      rack-protection (= 2.0.0)
      sinatra (= 2.0.0)
      tilt (>= 1.3, < 3)
    tilt (2.0.7)
    unf (0.1.4)
      unf_ext
    unf_ext (0.0.7.4)
    unirest (1.0.8)
      addressable
      json
      rest-client

PLATFORMS
  ruby

DEPENDENCIES
  dotenv
  erubis
  graphql
  minitest
  pony
  puma
  simplecov
  sinatra
  sinatra-contrib
  unirest

RUBY VERSION
   ruby 2.3.4p301

BUNDLED WITH
   1.14.6
